GEM
  remote: http://rubygems.org/
  specs:
    albacore (0.2.7)
      rubyzip (~> 0.9)
    configatron (2.9.0)
      yamler (>= 0.1.0)
    rake (0.9.2.2)
    ruby_gntp (0.3.4)
    rubyzip (0.9.5)
    yamler (0.1.0)

PLATFORMS
  ruby

DEPENDENCIES
  albacore
  configatron
  rake
  ruby_gntp
